GEM
  remote: https://rubygems.org/
  specs:
    bindata (2.4.8)
    dnssd (3.0.1)
    ethon (0.12.0)
      ffi (>= 1.3.0)
    facets (3.1.0)
    ffi (1.13.1)
    hkdf (0.3.0)
    mustermann (1.1.1)
      ruby2_keywords (~> 0.0.1)
    oj (3.10.5)
    rack (2.2.6.2)
    rack-protection (2.0.8.1)
      rack
    rbnacl (7.1.1)
      ffi
    ruby2_keywords (0.0.2)
    ruby_home (0.2.4)
      dnssd (~> 3.0)
      facets (~> 3.1)
      hkdf (~> 0.3.0)
      oj (= 3.10.5)
      rbnacl (~> 7.0)
      ruby_home-srp (~> 1.3)
      ruby_home-tlv (~> 0.1.0)
      sinatra (= 2.0.8.1)
      wisper (~> 2.0)
    ruby_home-srp (1.3.0)
      srp-rb (= 1.0.1)
    ruby_home-tlv (0.1.1)
      bindata (~> 2.4, >= 2.4.3)
    sinatra (2.0.8.1)
      mustermann (~> 1.0)
      rack (~> 2.0)
      rack-protection (= 2.0.8.1)
      tilt (~> 2.0)
    srp-rb (1.0.1)
    tilt (2.0.10)
    typhoeus (1.4.0)
      ethon (>= 0.9.0)
    wisper (2.0.1)

PLATFORMS
  ruby

DEPENDENCIES
  ruby_home!
  typhoeus!

RUBY VERSION
   ruby 2.6.6p146

BUNDLED WITH
   1.17.2
